GEM
  specs:
    curb (0.8.1)

PLATFORMS
  ruby

DEPENDENCIES
  curb
